GIT
  remote: git://github.com/dkubb/flog.git
  revision: 4522d547d0f2977dd581be24a8a9985d78699e4c
  specs:
    flog (2.4.0)
      ruby_parser (~> 2.0)
      sexp_processor (~> 3.0)

GIT
  remote: git://github.com/dkubb/reek.git
  revision: 547ea0ff4444dfa939349a6763ccf5f525cfda1d
  specs:
    reek (1.2.8)
      ruby2ruby (~> 1.2)
      ruby_parser (~> 2.0)
      sexp_processor (~> 3.0)

GIT
  remote: git://github.com/dkubb/rspec.git
  revision: 8735031bc262bb2f5f40c6d579e9000c8f8e5ad3
  specs:
    rspec (1.3.1)

GEM
  remote: http://rubygems.org/
  specs:
    ParseTree (3.0.6)
      RubyInline (>= 3.7.0)
      sexp_processor (>= 3.0.0)
    RubyInline (3.8.6)
      ZenTest (~> 4.3)
    Saikuro (1.1.0)
    ZenTest (4.4.2)
    abstract (1.0.0)
    activesupport (2.3.10)
    arrayfields (4.7.4)
    backports (1.18.2)
    bouncy-castle-java (1.5.0145.2)
    chronic (0.2.3)
      hoe (>= 1.2.1)
    churn (0.0.13)
      chronic (>= 0.2.3)
      hirb
      json_pure
      main
      ruby_parser (~> 2.0.4)
      sexp_processor (~> 3.0.3)
    colored (1.2)
    erubis (2.6.6)
      abstract (>= 1.0.0)
    fattr (2.2.0)
    flay (1.4.1)
      ruby_parser (~> 2.0)
      sexp_processor (~> 3.0)
    gemcutter (0.6.1)
    git (1.2.5)
    heckle (1.4.3)
      ParseTree (>= 2.0.0)
      ZenTest (>= 3.5.2)
      ruby2ruby (>= 1.1.6)
    hirb (0.3.5)
    hoe (2.8.0)
      rake (>= 0.8.7)
    i18n (0.5.0)
    jeweler (1.4.0)
      gemcutter (>= 0.1.0)
      git (>= 1.2.5)
      rubyforge (>= 2.0.0)
    jruby-openssl (0.7.2)
      bouncy-castle-java
    json (1.4.6)
    json_pure (1.4.6)
    main (4.4.0)
      arrayfields (>= 4.7.4)
      fattr (>= 2.1.0)
    metric_fu (2.0.1)
      Saikuro (>= 1.1.0)
      activesupport (>= 2.0.0)
      chronic (~> 0.2.3)
      churn (>= 0.0.7)
      flay (>= 1.2.1)
      flog (>= 2.2.0)
      rails_best_practices (>= 0.3.16)
      rcov (>= 0.8.3.3)
      reek (>= 1.2.6)
      roodi (>= 2.1.0)
    mspec (1.5.17)
    rails_best_practices (0.6.0)
      activesupport
      colored (~> 1.2)
      erubis (~> 2.6.6)
      i18n
      ruby-progressbar (~> 0.0.9)
      ruby_parser (~> 2.0.4)
    rake (0.8.7)
    rbench (0.2.3)
    rcov (0.9.9)
    roodi (2.1.0)
      ruby_parser
    ruby-progressbar (0.0.9)
    ruby2ruby (1.2.2)
      ParseTree (~> 3.0)
    ruby_parser (2.0.5)
      sexp_processor (~> 3.0)
    rubyforge (2.0.4)
      json_pure (>= 1.1.7)
    sexp_processor (3.0.5)
    yard (0.6.4)
    yardstick (0.2.0)
      yard (~> 0.6.1)

PLATFORMS
  java
  ruby

DEPENDENCIES
  activesupport (~> 2.3.10)
  backports (~> 1.18.2)
  flay (~> 1.4.1)
  flog (~> 2.4.0)!
  heckle (~> 1.4.3)
  jeweler (~> 1.4.0)
  jruby-openssl (~> 0.7.2)
  json (~> 1.4.6)
  metric_fu (~> 2.0.1)
  mspec (~> 1.5.17)
  rake (~> 0.8.7)
  rbench (~> 0.2.3)
  rcov (~> 0.9.9)
  reek (~> 1.2.8)!
  roodi (~> 2.1.0)
  rspec (~> 1.3.1)!
  ruby2ruby (= 1.2.2)
  yard (~> 0.6.4)
  yardstick (~> 0.2.0)
