PATH
  remote: .
  specs:
    veritas (0.0.1)

GEM
  remote: http://rubygems.org/
  specs:
    backports (1.18.2)
    gemcutter (0.6.1)
    git (1.2.5)
    jeweler (1.4.0)
      gemcutter (>= 0.1.0)
      git (>= 1.2.5)
      rubyforge (>= 2.0.0)
    json_pure (1.4.6)
    rake (0.8.7)
    rbench (0.2.3)
    rspec (1.3.1)
    rubyforge (2.0.4)
      json_pure (>= 1.1.7)

PLATFORMS
  java
  ruby

DEPENDENCIES
  backports (~> 1.18.2)
  jeweler (~> 1.4.0)
  rake (~> 0.8.7)
  rbench (~> 0.2.3)
  rspec (~> 1.3.1)
  veritas!
